GIT
  remote: git://github.com/eddflrs/justflow.git
  revision: fb10cf95b4a4ac571451a6799c5755a870ba5313
  specs:
    justflow (0.0.2)

GEM
  remote: http://rubygems.org/
  specs:
    colorize (0.7.0)
    mini_portile (0.5.2)
    nokogiri (1.11.4)
      mini_portile (~> 0.5.0)

PLATFORMS
  ruby

DEPENDENCIES
  colorize
  justflow!
  nokogiri
